GEM
  remote: http://rubygems.org/
  specs:
    actionmailer (3.2.14)
      actionpack (= 3.2.14)
      mail (~> 2.5.4)
    actionpack (3.2.14)
      activemodel (= 3.2.14)
      activesupport (= 3.2.14)
      builder (~> 3.0.0)
      erubis (~> 2.7.0)
      journey (~> 1.0.4)
      rack (~> 1.4.5)
      rack-cache (~> 1.2)
      rack-test (~> 0.6.1)
      sprockets (~> 2.2.1)
    activemodel (3.2.14)
      activesupport (= 3.2.14)
      builder (~> 3.0.0)
    activerecord (3.2.14)
      activemodel (= 3.2.14)
      activesupport (= 3.2.14)
      arel (~> 3.0.2)
      tzinfo (~> 0.3.29)
    activeresource (3.2.14)
      activemodel (= 3.2.14)
      activesupport (= 3.2.14)
    activesupport (3.2.14)
      i18n (~> 0.6, >= 0.6.4)
      multi_json (~> 1.0)
    acts_as_ferret (0.5.4)
      ferret (>= 0.11.8)
      rails (>= 3.0)
    acts_as_list (0.1.4)
    arel (3.0.2)
    awesome_nested_set (2.1.6)
      activerecord (>= 3.0.0)
    builder (3.0.4)
    chronic (0.9.1)
    database_cleaner (1.2.0)
    diff-lcs (1.1.3)
    erubis (2.7.0)
    fakefs (0.4.3)
    fast_gettext (0.7.0)
    fastercsv (1.5.5)
    ferret (0.11.8.5)
    geokit (1.6.5)
      multi_json
    geokit-rails3 (0.1.5)
      geokit (~> 1.5)
      rails (~> 3.0)
    gettext (2.3.6)
      levenshtein
      locale
    grosser-get_pomo (0.6.0)
    hike (1.2.1)
    i18n (0.6.5)
    journey (1.0.4)
    json (1.8.0)
    keeguon-acts_as_versioned (0.7.2)
      activerecord (~> 3.0)
    levenshtein (0.2.2)
    locale (2.0.8)
    macaddr (1.6.1)
      systemu (~> 2.5.0)
    mail (2.5.4)
      mime-types (~> 1.16)
      treetop (~> 1.4.8)
    mime-types (1.21)
    multi_json (1.8.0)
    mysql2 (0.3.13)
    pdfkit (0.5.4)
    polyglot (0.3.3)
    rack (1.4.5)
    rack-cache (1.2)
      rack (>= 0.4)
    rack-ssl (1.3.3)
      rack
    rack-test (0.6.2)
      rack (>= 1.0)
    rails (3.2.14)
      actionmailer (= 3.2.14)
      actionpack (= 3.2.14)
      activerecord (= 3.2.14)
      activeresource (= 3.2.14)
      activesupport (= 3.2.14)
      bundler (~> 1.0)
      railties (= 3.2.14)
    railties (3.2.14)
      actionpack (= 3.2.14)
      activesupport (= 3.2.14)
      rack-ssl (~> 1.3.2)
      rake (>= 0.8.7)
      rdoc (~> 3.4)
      thor (>= 0.14.6, < 2.0)
    rake (10.1.0)
    rdoc (3.12.1)
      json (~> 1.4)
    rmagick (2.13.2)
    rspec (2.8.0)
      rspec-core (~> 2.8.0)
      rspec-expectations (~> 2.8.0)
      rspec-mocks (~> 2.8.0)
    rspec-core (2.8.0)
    rspec-expectations (2.8.0)
      diff-lcs (~> 1.1.2)
    rspec-mocks (2.8.0)
    rspec-rails (2.8.1)
      actionpack (>= 3.0)
      activesupport (>= 3.0)
      railties (>= 3.0)
      rspec (~> 2.8.0)
    ruby-ole (1.2.11.6)
    ruby-prof (0.11.2)
    rubyzip (0.9.9)
    soap4r-spox (1.6.0)
    spreadsheet (0.9.0)
      ruby-ole (>= 1.0)
    sprockets (2.2.2)
      hike (~> 1.2)
      multi_json (~> 1.0)
      rack (~> 1.0)
      tilt (~> 1.1, != 1.3.0)
    systemu (2.5.2)
    thor (0.17.0)
    tilt (1.3.3)
    treetop (1.4.12)
      polyglot
      polyglot (>= 0.3.1)
    tzinfo (0.3.37)
    uuid (2.3.5)
      macaddr (~> 1.0)
    will_paginate (3.0.5)
    yaml_db (0.2.3)

PLATFORMS
  ruby

DEPENDENCIES
  activerecord-jdbcmysql-adapter
  acts_as_ferret (>= 0.5)
  acts_as_list
  awesome_nested_set (> 2)
  builder
  chronic
  database_cleaner
  fakefs
  fast_gettext
  fastercsv
  geokit-rails3
  gettext
  grosser-get_pomo
  keeguon-acts_as_versioned
  mime-types
  mysql2
  pdfkit
  rails (= 3.2.14)
  rdoc
  rmagick
  rmagick4j
  rspec-rails
  ruby-prof
  rubyzip
  soap4r-spox
  spreadsheet
  uuid (= 2.3.5)
  will_paginate (~> 3)
  yaml_db
